GEM
  remote: https://rubygems.org/
  specs:
    actioncable (7.0.8.7)
      actionpack (= 7.0.8.7)
      activesupport (= 7.0.8.7)
      nio4r (~> 2.0)
      websocket-driver (>= 0.6.1)
    actionmailbox (7.0.8.7)
      actionpack (= 7.0.8.7)
      activejob (= 7.0.8.7)
      activerecord (= 7.0.8.7)
      activestorage (= 7.0.8.7)
      activesupport (= 7.0.8.7)
      mail (>= 2.7.1)
      net-imap
      net-pop
      net-smtp
    actionmailer (7.0.8.7)
      actionpack (= 7.0.8.7)
      actionview (= 7.0.8.7)
      activejob (= 7.0.8.7)
      activesupport (= 7.0.8.7)
      mail (~> 2.5, >= 2.5.4)
      net-imap
      net-pop
      net-smtp
      rails-dom-testing (~> 2.0)
    actionpack (7.0.8.7)
      actionview (= 7.0.8.7)
      activesupport (= 7.0.8.7)
      rack (~> 2.0, >= 2.2.4)
      rack-test (>= 0.6.3)
      rails-dom-testing (~> 2.0)
      rails-html-sanitizer (~> 1.0, >= 1.2.0)
    actiontext (7.0.8.7)
      actionpack (= 7.0.8.7)
      activerecord (= 7.0.8.7)
      activestorage (= 7.0.8.7)
      activesupport (= 7.0.8.7)
      globalid (>= 0.6.0)
      nokogiri (>= 1.8.5)
    actionview (7.0.8.7)
      activesupport (= 7.0.8.7)
      builder (~> 3.1)
      erubi (~> 1.4)
      rails-dom-testing (~> 2.0)
      rails-html-sanitizer (~> 1.1, >= 1.2.0)
    active_model_serializers (0.9.13)
      activemodel (>= 3.2)
      concurrent-ruby (~> 1.0)
    activejob (7.0.8.7)
      activesupport (= 7.0.8.7)
      globalid (>= 0.3.6)
    activemodel (7.0.8.7)
      activesupport (= 7.0.8.7)
    activerecord (7.0.8.7)
      activemodel (= 7.0.8.7)
      activesupport (= 7.0.8.7)
    activestorage (7.0.8.7)
      actionpack (= 7.0.8.7)
      activejob (= 7.0.8.7)
      activerecord (= 7.0.8.7)
      activesupport (= 7.0.8.7)
      marcel (~> 1.0)
      mini_mime (>= 1.1.0)
    activesupport (7.0.8.7)
      concurrent-ruby (~> 1.0, >= 1.0.2)
      i18n (>= 1.6, < 2)
      minitest (>= 5.1)
      tzinfo (~> 2.0)
    addressable (2.8.7)
      public_suffix (>= 2.0.2, < 7.0)
    ast (2.4.2)
    axiom-types (0.1.1)
      descendants_tracker (~> 0.0.4)
      ice_nine (~> 0.11.0)
      thread_safe (~> 0.3, >= 0.3.1)
    base64 (0.2.0)
    bigdecimal (3.1.9)
    binding_of_caller (1.0.1)
      debug_inspector (>= 1.2.0)
    bootsnap (1.18.4)
      msgpack (~> 1.2)
    brakeman (5.4.1)
    builder (3.3.0)
    bullet (8.0.0)
      activesupport (>= 3.0.0)
      uniform_notifier (~> 1.11)
    bundler-audit (0.9.2)
      bundler (>= 1.2.0, < 3)
      thor (~> 1.0)
    byebug (11.1.3)
    childprocess (5.1.0)
      logger (~> 1.5)
    coderay (1.1.3)
    coercible (1.0.0)
      descendants_tracker (~> 0.0.1)
    concurrent-ruby (1.3.4)
    crass (1.0.6)
    database_cleaner (2.1.0)
      database_cleaner-active_record (>= 2, < 3)
    database_cleaner-active_record (2.2.0)
      activerecord (>= 5.a)
      database_cleaner-core (~> 2.0.0)
    database_cleaner-core (2.0.1)
    date (3.4.1)
    debug (1.10.0)
      irb (~> 1.10)
      reline (>= 0.3.8)
    debug_inspector (1.2.0)
    descendants_tracker (0.0.4)
      thread_safe (~> 0.3, >= 0.3.1)
    diff-lcs (1.5.1)
    docile (1.4.1)
    dotenv (3.1.7)
    dotenv-rails (3.1.7)
      dotenv (= 3.1.7)
      railties (>= 6.1)
    dry-configurable (1.3.0)
      dry-core (~> 1.1)
      zeitwerk (~> 2.6)
    dry-core (1.1.0)
      concurrent-ruby (~> 1.0)
      logger
      zeitwerk (~> 2.6)
    dry-inflector (1.2.0)
    dry-initializer (3.2.0)
    dry-logic (1.6.0)
      bigdecimal
      concurrent-ruby (~> 1.0)
      dry-core (~> 1.1)
      zeitwerk (~> 2.6)
    dry-schema (1.13.4)
      concurrent-ruby (~> 1.0)
      dry-configurable (~> 1.0, >= 1.0.1)
      dry-core (~> 1.0, < 2)
      dry-initializer (~> 3.0)
      dry-logic (>= 1.4, < 2)
      dry-types (>= 1.7, < 2)
      zeitwerk (~> 2.6)
    dry-types (1.8.1)
      bigdecimal (~> 3.0)
      concurrent-ruby (~> 1.0)
      dry-core (~> 1.0)
      dry-inflector (~> 1.0)
      dry-logic (~> 1.4)
      zeitwerk (~> 2.6)
    dry-validation (1.10.0)
      concurrent-ruby (~> 1.0)
      dry-core (~> 1.0, < 2)
      dry-initializer (~> 3.0)
      dry-schema (>= 1.12, < 2)
      zeitwerk (~> 2.6)
    erubi (1.13.1)
    factory_bot (6.5.0)
      activesupport (>= 5.0.0)
    factory_bot_rails (6.4.4)
      factory_bot (~> 6.5)
      railties (>= 5.0.0)
    faker (3.5.1)
      i18n (>= 1.8.11, < 2)
    ffi (1.17.1-aarch64-linux-gnu)
    ffi (1.17.1-aarch64-linux-musl)
    ffi (1.17.1-arm-linux-gnu)
    ffi (1.17.1-arm-linux-musl)
    ffi (1.17.1-arm64-darwin)
    ffi (1.17.1-x86_64-darwin)
    ffi (1.17.1-x86_64-linux-gnu)
    ffi (1.17.1-x86_64-linux-musl)
    flay (2.13.3)
      erubi (~> 1.10)
      path_expander (~> 1.0)
      ruby_parser (~> 3.0)
      sexp_processor (~> 4.0)
    flog (4.8.0)
      path_expander (~> 1.0)
      ruby_parser (~> 3.1, > 3.1.0)
      sexp_processor (~> 4.8)
    globalid (1.2.1)
      activesupport (>= 6.1)
    i18n (1.14.7)
      concurrent-ruby (~> 1.0)
    ice_nine (0.11.2)
    io-console (0.8.0)
    irb (1.15.1)
      pp (>= 0.6.0)
      rdoc (>= 4.0.0)
      reline (>= 0.4.2)
    json (2.9.1)
    language_server-protocol (3.17.0.4)
    launchy (3.1.0)
      addressable (~> 2.8)
      childprocess (~> 5.0)
      logger (~> 1.6)
    listen (3.9.0)
      rb-fsevent (~> 0.10, >= 0.10.3)
      rb-inotify (~> 0.9, >= 0.9.10)
    logger (1.6.5)
    loofah (2.24.0)
      crass (~> 1.0.2)
      nokogiri (>= 1.12.0)
    mail (2.8.1)
      mini_mime (>= 0.1.1)
      net-imap
      net-pop
      net-smtp
    marcel (1.0.4)
    method_source (1.1.0)
    mini_mime (1.1.5)
    minitest (5.25.4)
    msgpack (1.7.5)
    net-imap (0.5.5)
      date
      net-protocol
    net-pop (0.1.2)
      net-protocol
    net-protocol (0.2.2)
      timeout
    net-smtp (0.5.0)
      net-protocol
    nio4r (2.7.4)
    nokogiri (1.18.2-aarch64-linux-gnu)
      racc (~> 1.4)
    nokogiri (1.18.2-aarch64-linux-musl)
      racc (~> 1.4)
    nokogiri (1.18.2-arm-linux-gnu)
      racc (~> 1.4)
    nokogiri (1.18.2-arm-linux-musl)
      racc (~> 1.4)
    nokogiri (1.18.2-arm64-darwin)
      racc (~> 1.4)
    nokogiri (1.18.2-x86_64-darwin)
      racc (~> 1.4)
    nokogiri (1.18.2-x86_64-linux-gnu)
      racc (~> 1.4)
    nokogiri (1.18.2-x86_64-linux-musl)
      racc (~> 1.4)
    oj (3.16.9)
      bigdecimal (>= 3.0)
      ostruct (>= 0.2)
    ostruct (0.6.1)
    panolint (0.1.6)
      brakeman (>= 4.8, < 6.0)
      rubocop (>= 0.83, < 2.0)
      rubocop-performance (~> 1.5)
      rubocop-rails (~> 2.5)
      rubocop-rake (~> 0.5)
      rubocop-rspec (~> 2.0)
    parallel (1.26.3)
    parser (3.3.7.0)
      ast (~> 2.4.1)
      racc
    path_expander (1.1.3)
    pg (1.5.9)
    pp (0.6.2)
      prettyprint
    prettyprint (0.2.0)
    proc_to_ast (0.2.0)
      parser
      rouge
      unparser
    pry (0.15.2)
      coderay (~> 1.1)
      method_source (~> 1.0)
    pry-rails (0.3.11)
      pry (>= 0.13.0)
    psych (5.2.3)
      date
      stringio
    public_suffix (6.0.1)
    puma (5.6.9)
      nio4r (~> 2.0)
    racc (1.8.1)
    rack (2.2.10)
    rack-attack (6.7.0)
      rack (>= 1.0, < 4)
    rack-cors (2.0.2)
      rack (>= 2.0.0)
    rack-test (2.2.0)
      rack (>= 1.3)
    rack-timeout (0.7.0)
    rails (7.0.8.7)
      actioncable (= 7.0.8.7)
      actionmailbox (= 7.0.8.7)
      actionmailer (= 7.0.8.7)
      actionpack (= 7.0.8.7)
      actiontext (= 7.0.8.7)
      actionview (= 7.0.8.7)
      activejob (= 7.0.8.7)
      activemodel (= 7.0.8.7)
      activerecord (= 7.0.8.7)
      activestorage (= 7.0.8.7)
      activesupport (= 7.0.8.7)
      bundler (>= 1.15.0)
      railties (= 7.0.8.7)
    rails-dom-testing (2.2.0)
      activesupport (>= 5.0.0)
      minitest
      nokogiri (>= 1.6)
    rails-html-sanitizer (1.6.2)
      loofah (~> 2.21)
      nokogiri (>= 1.15.7, != 1.16.7, != 1.16.6, != 1.16.5, != 1.16.4, != 1.16.3, != 1.16.2, != 1.16.1, != 1.16.0.rc1, != 1.16.0)
    railties (7.0.8.7)
      actionpack (= 7.0.8.7)
      activesupport (= 7.0.8.7)
      method_source
      rake (>= 12.2)
      thor (~> 1.0)
      zeitwerk (~> 2.5)
    rainbow (3.1.1)
    rake (13.2.1)
    rb-fsevent (0.11.2)
    rb-inotify (0.11.1)
      ffi (~> 1.0)
    rdoc (6.11.0)
      psych (>= 4.0.0)
    reek (6.4.0)
      dry-schema (~> 1.13.0)
      logger (~> 1.6)
      parser (~> 3.3.0)
      rainbow (>= 2.0, < 4.0)
      rexml (~> 3.1)
    regexp_parser (2.10.0)
    reline (0.6.0)
      io-console (~> 0.5)
    rexml (3.4.0)
    rouge (4.5.1)
    rspec (3.13.0)
      rspec-core (~> 3.13.0)
      rspec-expectations (~> 3.13.0)
      rspec-mocks (~> 3.13.0)
    rspec-core (3.13.2)
      rspec-support (~> 3.13.0)
    rspec-expectations (3.13.3)
      diff-lcs (>= 1.2.0, < 2.0)
      rspec-support (~> 3.13.0)
    rspec-mocks (3.13.2)
      diff-lcs (>= 1.2.0, < 2.0)
      rspec-support (~> 3.13.0)
    rspec-parameterized (1.0.2)
      rspec-parameterized-core (< 2)
      rspec-parameterized-table_syntax (< 2)
    rspec-parameterized-core (1.0.1)
      parser
      proc_to_ast (>= 0.2.0)
      rspec (>= 2.13, < 4)
      unparser
    rspec-parameterized-table_syntax (1.0.1)
      binding_of_caller
      rspec-parameterized-core (< 2)
    rspec-rails (7.1.0)
      actionpack (>= 7.0)
      activesupport (>= 7.0)
      railties (>= 7.0)
      rspec-core (~> 3.13)
      rspec-expectations (~> 3.13)
      rspec-mocks (~> 3.13)
      rspec-support (~> 3.13)
    rspec-sqlimit (0.0.6)
      activerecord (>= 4.2.0, < 8)
      rspec (~> 3.0)
    rspec-support (3.13.2)
    rspec_junit_formatter (0.6.0)
      rspec-core (>= 2, < 4, != 2.12.0)
    rubocop (1.61.0)
      json (~> 2.3)
      language_server-protocol (>= 3.17.0)
      parallel (~> 1.10)
      parser (>= 3.3.0.2)
      rainbow (>= 2.2.2, < 4.0)
      regexp_parser (>= 1.8, < 3.0)
      rexml (>= 3.2.5, < 4.0)
      rubocop-ast (>= 1.30.0, < 2.0)
      ruby-progressbar (~> 1.7)
      unicode-display_width (>= 2.4.0, < 3.0)
    rubocop-ast (1.30.0)
      parser (>= 3.2.1.0)
    rubocop-capybara (2.21.0)
      rubocop (~> 1.41)
    rubocop-discourse (3.7.1)
      activesupport (>= 6.1)
      rubocop (>= 1.59.0)
      rubocop-capybara (>= 2.0.0)
      rubocop-factory_bot (>= 2.0.0)
      rubocop-rspec (>= 2.25.0)
    rubocop-factory_bot (2.26.0)
      rubocop (~> 1.41)
    rubocop-performance (1.20.2)
      rubocop (>= 1.48.1, < 2.0)
      rubocop-ast (>= 1.30.0, < 2.0)
    rubocop-rails (2.23.1)
      activesupport (>= 4.2.0)
      rack (>= 1.1)
      rubocop (>= 1.33.0, < 2.0)
      rubocop-ast (>= 1.30.0, < 2.0)
    rubocop-rake (0.6.0)
      rubocop (~> 1.0)
    rubocop-rspec (2.31.0)
      rubocop (~> 1.40)
      rubocop-capybara (~> 2.17)
      rubocop-factory_bot (~> 2.22)
      rubocop-rspec_rails (~> 2.28)
    rubocop-rspec_rails (2.29.0)
      rubocop (~> 1.40)
    ruby-progressbar (1.13.0)
    ruby_parser (3.21.1)
      racc (~> 1.5)
      sexp_processor (~> 4.16)
    rubycritic (4.9.0)
      flay (~> 2.13)
      flog (~> 4.7)
      launchy (>= 2.5.2)
      parser (>= 3.2.2.1)
      rainbow (~> 3.1.1)
      reek (~> 6.0, < 7.0)
      rexml
      ruby_parser (~> 3.20)
      simplecov (>= 0.22.0)
      tty-which (~> 0.5.0)
      virtus (~> 2.0)
    sexp_processor (4.17.3)
    shoulda-matchers (6.4.0)
      activesupport (>= 5.2.0)
    simplecov (0.22.0)
      docile (~> 1.1)
      simplecov-html (~> 0.11)
      simplecov_json_formatter (~> 0.1)
    simplecov-html (0.13.1)
    simplecov_json_formatter (0.1.4)
    stringio (3.1.2)
    strong_migrations (2.1.0)
      activerecord (>= 6.1)
    test-prof (1.4.4)
    thor (1.3.2)
    thread_safe (0.3.6)
    timeout (0.4.3)
    tty-which (0.5.0)
    tzinfo (2.0.6)
      concurrent-ruby (~> 1.0)
    unicode-display_width (2.6.0)
    uniform_notifier (1.16.0)
    unparser (0.6.12)
      diff-lcs (~> 1.3)
      parser (>= 3.2.2.4)
    virtus (2.0.0)
      axiom-types (~> 0.1)
      coercible (~> 1.0)
      descendants_tracker (~> 0.0, >= 0.0.3)
    websocket-driver (0.7.7)
      base64
      websocket-extensions (>= 0.1.0)
    websocket-extensions (0.1.5)
    zeitwerk (2.7.1)

PLATFORMS
  aarch64-linux-gnu
  aarch64-linux-musl
  arm-linux-gnu
  arm-linux-musl
  arm64-darwin
  x86_64-darwin
  x86_64-linux-gnu
  x86_64-linux-musl

DEPENDENCIES
  active_model_serializers (~> 0.9.4)
  bootsnap
  brakeman
  bullet
  bundler-audit
  byebug
  concurrent-ruby (= 1.3.4)
  database_cleaner
  debug
  dotenv-rails
  dry-validation
  factory_bot_rails
  faker
  listen (~> 3.3)
  oj
  panolint
  pg (~> 1.1)
  pry-rails
  puma (~> 5.0)
  rack-attack
  rack-cors (>= 1.0.6)
  rack-timeout
  rails (~> 7.0.4, >= 7.0.4.3)
  rspec-parameterized
  rspec-rails
  rspec-sqlimit
  rspec_junit_formatter
  rubocop (~> 1.61.0)
  rubocop-discourse
  rubocop-rails
  rubocop-rake
  rubocop-rspec
  rubycritic
  shoulda-matchers (>= 4.0.0)
  simplecov
  strong_migrations
  test-prof
  tzinfo-data

RUBY VERSION
   ruby 3.3.2p78

BUNDLED WITH
   2.6.3
